GEM
  remote: https://rubygems.org/
  specs:
    ffi (1.9.21)
    listen (3.1.5)
      rb-fsevent (~> 0.9, >= 0.9.4)
      rb-inotify (~> 0.9, >= 0.9.7)
      ruby_dep (~> 1.2)
    rack (1.6.8)
    rack-protection (1.5.4)
      rack
    rb-fsevent (0.10.2)
    rb-inotify (0.9.10)
      ffi (>= 0.5.0, < 2)
    rerun (0.13.0)
      listen (~> 3.0)
    ruby_dep (1.5.0)
    sass (3.3.10)
    sinatra (1.4.8)
      rack (~> 1.5)
      rack-protection (~> 1.4)
      tilt (>= 1.3, < 3)
    tilt (2.0.8)

PLATFORMS
  ruby

DEPENDENCIES
  rerun (~> 0.13.0)
  sass (~> 3.3.10)
  sinatra (~> 1.4.8)

RUBY VERSION
   ruby 2.3.1p112

BUNDLED WITH
   1.13.7
